GEM
  remote: https://rubygems.org/
  specs:
    coderay (1.1.2)
    method_source (0.9.2)
    pry (0.12.2)
      coderay (~> 1.1.0)
      method_source (~> 0.9.0)
    sqlite3 (1.3.13)

PLATFORMS
  ruby

DEPENDENCIES
  pry
  sqlite3

BUNDLED WITH
<<<<<<< HEAD
   1.16.1
=======
   2.0.1
>>>>>>> ab389017a8919ed98dd1e60d67647b41b31ce62d
